GEM
  specs:
    bigdecimal (3.1.9)
    dotenv (3.1.7)
    faraday (2.12.2)
      faraday-net_http (>= 2.0, < 3.5)
      json
      logger
    faraday-net_http (3.4.0)
      net-http (>= 0.5.0)
    json (2.9.1)
    logger (1.6.5)
    net-http (0.6.0)
      uri
    oj (3.16.9)
      bigdecimal (>= 3.0)
      ostruct (>= 0.2)
    ostruct (0.6.1)
    uri (1.0.2)

PLATFORMS
  ruby
  x86_64-linux

DEPENDENCIES
  dotenv
  faraday
  oj

BUNDLED WITH
   2.5.22
